GEM
  remote: http://gems.rubyforge.org/
  specs:
    addressable (2.2.1)
    bacon (1.1.0)
    baconmocha (0.0.2)
      bacon
      mocha (>= 0.9.6)
    data_objects (0.10.2)
      addressable (~> 2.1)
    dm-aggregates (1.0.2)
      dm-core (~> 1.0.2)
    dm-core (1.0.2)
      addressable (~> 2.2)
      extlib (~> 0.9.15)
    dm-do-adapter (1.0.2)
      data_objects (~> 0.10.2)
      dm-core (~> 1.0.2)
    dm-migrations (1.0.2)
      dm-core (~> 1.0.2)
    dm-sqlite-adapter (1.0.2)
      dm-do-adapter (~> 1.0.2)
      do_sqlite3 (~> 0.10.2)
    dm-transactions (1.0.2)
      dm-core (~> 1.0.2)
    do_sqlite3 (0.10.2)
      data_objects (= 0.10.2)
    extlib (0.9.15)
    mocha (0.9.8)
      rake
    rake (0.8.7)

PLATFORMS
  ruby

DEPENDENCIES
  bacon
  baconmocha
  dm-aggregates
  dm-core
  dm-migrations
  dm-sqlite-adapter
  dm-transactions
  mocha
